GEM
  remote: http://rubygems.org/
  specs:
    coderay (1.0.5)
    diff-lcs (1.1.3)
    method_source (0.7.1)
    pry (0.9.8.2)
      coderay (~> 1.0.5)
      method_source (~> 0.7)
      slop (>= 2.4.4, < 3)
    pry-doc (0.4.1)
      pry (>= 0.9.0)
      yard (~> 0.7.4)
    pry-nav (0.1.0)
      pry (~> 0.9.8.1)
    rake (0.9.2)
    rspec (2.6.0)
      rspec-core (~> 2.6.0)
      rspec-expectations (~> 2.6.0)
      rspec-mocks (~> 2.6.0)
    rspec-core (2.6.4)
    rspec-expectations (2.6.0)
      diff-lcs (~> 1.1.2)
    rspec-mocks (2.6.0)
    slop (2.4.4)
    yard (0.7.5)

PLATFORMS
  ruby

DEPENDENCIES
  pry
  pry-doc
  pry-nav
  rake
  rspec
